GEM
  remote: https://rubygems.org/
  specs:
    awesome_print (1.8.0)
    byebug (9.1.0)
    diff-lcs (1.3)
    envyable (1.2.0)
      thor (>= 0.18.1, < 2.0)
    faraday (0.13.1)
      multipart-post (>= 1.2, < 3)
    httparty (0.15.6)
      multi_xml (>= 0.5.2)
    jwt (1.5.6)
    libxml-ruby (3.0.0)
    mini_portile2 (2.3.0)
    multi_xml (0.6.0)
    multipart-post (2.0.0)
    nokogiri (1.8.1)
      mini_portile2 (~> 2.3.0)
    rspec (3.7.0)
      rspec-core (~> 3.7.0)
      rspec-expectations (~> 3.7.0)
      rspec-mocks (~> 3.7.0)
    rspec-core (3.7.0)
      rspec-support (~> 3.7.0)
    rspec-expectations (3.7.0)
      diff-lcs (>= 1.2.0, < 2.0)
      rspec-support (~> 3.7.0)
    rspec-mocks (3.7.0)
      diff-lcs (>= 1.2.0, < 2.0)
      rspec-support (~> 3.7.0)
    rspec-support (3.7.0)
    thor (0.20.0)
    twilio-ruby (5.4.3)
      faraday (~> 0.9)
      jwt (~> 1.5)
      libxml-ruby (>= 2.0, < 4.0)

PLATFORMS
  ruby

DEPENDENCIES
  awesome_print (~> 1.8)
  byebug (~> 9.0, >= 9.0.6)
  envyable
  httparty (~> 0.15.6)
  nokogiri (~> 1.6, >= 1.6.6.2)
  rspec
  twilio-ruby

BUNDLED WITH
   1.16.0.pre.2
